REDIRECTS: ON
RESTRICTION: == net461
NUGET
  remote: https://www.nuget.org/api/v2
    Akka (1.3.6)
      Newtonsoft.Json (>= 9.0.1)
      System.Collections.Immutable (>= 1.3.1)
    Akka.Cluster (1.3.6)
      Akka.Remote (>= 1.3.6)
    Akka.Cluster.Sharding (1.3.6-beta62)
      Akka.Cluster.Tools (>= 1.3.6-beta62)
      Akka.DistributedData (>= 1.3.6-beta62)
      Akka.Persistence (>= 1.3.6-beta62)
    Akka.Cluster.Tools (1.3.6)
      Akka.Cluster (>= 1.3.6)
    Akka.DistributedData (1.3.6-beta62)
      Akka.Cluster (>= 1.3.6-beta62)
      Hyperion (>= 0.9.6)
    Akka.Logger.Serilog (1.3.6)
      Akka (>= 1.3.6)
      Serilog (>= 2.6)
    Akka.Persistence (1.3.6)
      Akka (>= 1.3.6)
      Google.Protobuf (>= 3.3)
    Akka.Persistence.Query (1.3.6)
      Akka.Persistence (>= 1.3.6)
      Akka.Streams (>= 1.3.6)
    Akka.Persistence.Query.Sql (1.3.6)
      Akka.Persistence (>= 1.3.6)
      Akka.Persistence.Query (>= 1.3.6)
      Akka.Persistence.Sql.Common (>= 1.3.6)
    Akka.Persistence.Sql.Common (1.3.6)
      Akka.Persistence (>= 1.3.6)
    Akka.Persistence.SqlServer (1.3.2)
      Akka (>= 1.3.2)
      Akka.Persistence (>= 1.3.2)
      Akka.Persistence.Sql.Common (>= 1.3.2)
      Akka.TestKit (>= 1.3.2)
    Akka.Remote (1.3.6)
      Akka (>= 1.3.6)
      DotNetty.Handlers (>= 0.4.6)
      Google.Protobuf (>= 3.3)
    Akka.Serialization.Hyperion (1.3.6-beta62)
      Akka (>= 1.3.6-beta62)
      Hyperion (>= 0.9.8)
    Akka.Streams (1.3.6)
      Akka (>= 1.3.6)
      Reactive.Streams (>= 1.0.2)
    Akka.TestKit (1.3.6)
      Akka (>= 1.3.6)
    Akka.TestKit.Xunit2 (1.3.6)
      Akka.TestKit (>= 1.3.6)
      xunit (>= 2.3)
    Akkling (0.9.1)
      Akka (>= 1.3.5)
      Akka.Serialization.Hyperion (>= 1.3.5-beta60)
      FSharp.Core (>= 4.3.4)
    Akkling.Cluster.Sharding (0.9.1)
      Akka (>= 1.3.5)
      Akka.Cluster (>= 1.3.5)
      Akka.Cluster.Sharding (>= 1.3.5-beta60)
      Akka.Cluster.Tools (>= 1.3.5)
      Akka.Persistence (>= 1.3.5)
      Akkling (>= 0.9.1)
      Akkling.DistributedData (>= 0.9.1)
      Akkling.Persistence (>= 0.9.1)
      FSharp.Core (>= 4.3.4)
      Microsoft.Extensions.Logging (>= 1.1.1)
      Microsoft.Extensions.Logging.Abstractions (>= 1.1.1)
    Akkling.DistributedData (0.9.1)
      Akka (>= 1.3.5)
      Akka.Cluster (>= 1.3.5)
      Akka.DistributedData (>= 1.3.5-beta60)
      Akkling (>= 0.9.1)
      FSharp.Core (>= 4.3.4)
    Akkling.Persistence (0.9.1)
      Akka (>= 1.3.5)
      Akka.Persistence (>= 1.3.5)
      Akkling (>= 0.9.1)
      Akkling.Streams (>= 0.9.1)
      FSharp.Core (>= 4.3.4)
    Akkling.Streams (0.9.1)
      Akka (>= 1.3.5)
      Akka.Streams (>= 1.3.5)
      Akkling (>= 0.9.1)
      FSharp.Core (>= 4.3.4)
      Reactive.Streams (>= 1.0.2)
    Akkling.TestKit (0.8)
      Akka (>= 1.3.1)
      Akka.TestKit.Xunit2 (>= 1.3.1)
      Akkling (>= 0.8)
      FsCheck.Xunit
      FSharp.Core
      xunit.abstractions (>= 2.0.0-prerelease)
    DotNetty.Buffers (0.4.6)
      DotNetty.Common (>= 0.4.6)
    DotNetty.Codecs (0.4.6)
      DotNetty.Buffers (>= 0.4.6)
      DotNetty.Common (>= 0.4.6)
      DotNetty.Transport (>= 0.4.6)
    DotNetty.Common (0.4.6)
      Microsoft.Extensions.Logging (>= 1.1.1)
    DotNetty.Handlers (0.4.6)
      DotNetty.Buffers (>= 0.4.6)
      DotNetty.Codecs (>= 0.4.6)
      DotNetty.Common (>= 0.4.6)
      DotNetty.Transport (>= 0.4.6)
    DotNetty.Transport (0.4.6)
      DotNetty.Buffers (>= 0.4.6)
      DotNetty.Common (>= 0.4.6)
    FsCheck (2.10.10)
      FSharp.Core (>= 4.0.0.1)
    FsCheck.Xunit (2.10.10)
      FsCheck (2.10.10)
      xunit.extensibility.execution (>= 2.2 < 3.0)
    FSharp.Compiler.Tools (10.0.1)
    FSharp.Core (4.3.4)
    Google.Protobuf (3.5.1)
    Hyperion (0.9.8)
    Microsoft.Extensions.DependencyInjection.Abstractions (2.0)
    Microsoft.Extensions.Logging (1.1.2)
      Microsoft.Extensions.DependencyInjection.Abstractions (>= 1.1.1)
      Microsoft.Extensions.Logging.Abstractions (>= 1.1.2)
      NETStandard.Library (>= 1.6.1)
    Microsoft.Extensions.Logging.Abstractions (1.1.2)
      NETStandard.Library (>= 1.6.1)
    Microsoft.NETCore.Platforms (2.0.2)
    NETStandard.Library (2.0.3)
      Microsoft.NETCore.Platforms (>= 1.1)
    Newtonsoft.Json (11.0.2)
    Reactive.Streams (1.0.2)
    Serilog (2.7.1)
    System.Collections.Immutable (1.4)
      NETStandard.Library (>= 1.6.1)
    xunit (2.3.1)
      xunit.analyzers (>= 0.7)
      xunit.assert (2.3.1)
      xunit.core (2.3.1)
    xunit.abstractions (2.0.1)
    xunit.analyzers (0.9)
    xunit.assert (2.3.1)
    xunit.core (2.3.1)
      xunit.extensibility.core (2.3.1)
      xunit.extensibility.execution (2.3.1)
    xunit.extensibility.core (2.3.1)
      xunit.abstractions (>= 2.0.1)
    xunit.extensibility.execution (2.3.1)
      xunit.extensibility.core (2.3.1)
